GEM
  remote: https://rubygems.org/
  specs:
    json (1.8.1)
    mime-types (2.4.3)
    netrc (0.8.0)
    puma (2.10.0)
      rack (>= 1.1, < 2.0)
    rack (1.5.2)
    rack-protection (1.5.3)
      rack
    rest-client (1.7.2)
      mime-types (>= 1.16, < 3.0)
      netrc (~> 0.7)
    sinatra (1.4.5)
      rack (~> 1.4)
      rack-protection (~> 1.4)
      tilt (~> 1.3, >= 1.3.4)
    slim (2.1.0)
      temple (~> 0.6.9)
      tilt (>= 1.3.3, < 2.1)
    temple (0.6.10)
    tilt (1.4.1)

PLATFORMS
  ruby

DEPENDENCIES
  json
  puma
  rack
  rest-client
  sinatra
  slim
  tilt (~> 1.4.1)
